PATH
  remote: /Users/khrystynaklochko/Desktop/kottans/kottans_middleware
  specs:
    kottans_middleware (0.0.1)

GEM
  remote: https://rubygems.org/
  specs:
    rack (1.4.5)
    rack-protection (1.5.3)
      rack
    sinatra (1.4.5)
      rack (~> 1.4)
      rack-protection (~> 1.4)
      tilt (~> 1.3, >= 1.3.4)
    tilt (1.4.1)

PLATFORMS
  ruby

DEPENDENCIES
  kottans_middleware!
  sinatra
